PATH
  remote: .
  specs:
    crowdskout (0.0.1)
      json (~> 1)

GEM
  remote: https://rubygems.org/
  specs:
    json (1.8.3)
    rake (10.5.0)

PLATFORMS
  ruby

DEPENDENCIES
  crowdskout!
  rake
